GEM
  remote: https://rubygems.org/
  specs:
    addressable (2.7.0)
      public_suffix (>= 2.0.2, < 5.0)
    arr-pm (0.0.10)
      cabin (> 0)
    aws-sdk (1.66.0)
      aws-sdk-v1 (= 1.66.0)
    aws-sdk-v1 (1.66.0)
      json (~> 1.4)
      nokogiri (>= 1.4.4)
    backports (3.6.8)
    cabin (0.8.1)
    childprocess (0.5.9)
      ffi (~> 1.0, >= 1.0.11)
    clamp (0.6.5)
    colorator (1.1.0)
    deb-s3 (0.7.1)
      aws-sdk (~> 1.18)
      thor (~> 0.18.0)
    execjs (2.8.0)
    fastimage (2.1.0)
    ffi (1.15.0)
    forwardable-extended (2.6.0)
    fpm (1.4.0)
      arr-pm (~> 0.0.10)
      backports (>= 2.6.2)
      cabin (>= 0.6.0)
      childprocess
      clamp (~> 0.6)
      ffi
      json (>= 1.7.7)
    highline (1.7.10)
    jekyll (3.6.3)
      addressable (~> 2.4)
      colorator (~> 1.0)
      jekyll-sass-converter (~> 1.0)
      jekyll-watch (~> 1.1)
      kramdown (~> 1.14)
      liquid (~> 4.0)
      mercenary (~> 0.3.3)
      pathutil (~> 0.9)
      rouge (>= 1.7, < 3)
      safe_yaml (~> 1.0)
    jekyll-sass-converter (1.5.2)
      sass (~> 3.4)
    jekyll-watch (1.5.1)
      listen (~> 3.0)
    json (1.8.3)
    kramdown (1.17.0)
    liquid (4.0.3)
    listen (3.5.1)
      rb-fsevent (~> 0.10, >= 0.10.3)
      rb-inotify (~> 0.9, >= 0.9.10)
    mercenary (0.3.6)
    mini_portile2 (2.3.0)
    nokogiri (1.8.1)
      mini_portile2 (~> 2.3.0)
    pathutil (0.16.2)
      forwardable-extended (~> 2.6)
    psych (2.0.5)
    public_suffix (4.0.6)
    rake (11.1.1)
    rake_text (0.0.1)
    rb-fsevent (0.11.0)
    rb-inotify (0.10.1)
      ffi (~> 1.0)
    rdiscount (2.1.7.1)
    rouge (2.2.1)
    safe_yaml (1.0.5)
    sass (3.7.4)
      sass-listen (~> 4.0.0)
    sass-listen (4.0.0)
      rb-fsevent (~> 0.9, >= 0.9.4)
      rb-inotify (~> 0.9, >= 0.9.7)
    stringex (2.5.2)
    stylus (1.0.1)
      execjs
      stylus-source
    stylus-source (0.49.3)
    thor (0.18.1)

PLATFORMS
  ruby

DEPENDENCIES
  deb-s3
  fastimage
  fpm
  highline
  jekyll (= 3.6.3)
  nokogiri
  psych (~> 2.0.5)
  rake
  rake_text
  rdiscount (~> 2.1.7.1)
  stringex (~> 2.5.2)
  stylus (~> 1.0.1)

BUNDLED WITH
   1.16.1
